GEM
  remote: https://rubygems.org/
  specs:
    bcrypt (3.1.10)
    erubis (2.7.0)
    pg (0.18.2)
    rack (1.6.4)
    rack-protection (1.5.3)
      rack
    rack_csrf (2.5.0)
      rack (>= 1.1.0)
    roda (2.1.0)
      rack
    sequel (4.21.0)
    tilt (2.0.1)

PLATFORMS
  ruby

DEPENDENCIES
  bcrypt (~> 3.1.10)
  erubis (~> 2.7.0)
  pg (~> 0.18.1)
  rack-protection (~> 1.5.3)
  rack_csrf (~> 2.5.0)
  roda (~> 2.1.0)
  sequel (~> 4.21.0)
  tilt (~> 2.0.1)

BUNDLED WITH
   1.10.6
